GEM
  remote: https://rubygems.org/
  specs:
    rake (13.0.6)
    redcarpet (3.6.0)
    slim (5.1.1)
      temple (~> 0.10.0)
      tilt (>= 2.1.0)
    temple (0.10.3)
    tilt (2.3.0)

PLATFORMS
  arm64-darwin-21
  arm64-darwin-22

DEPENDENCIES
  rake
  redcarpet
  slim
  tilt

BUNDLED WITH
   2.4.20
