GEM
  remote: https://rubygems.org/
  specs:
    rake (11.2.2)
    redcarpet (3.3.4)
    slim (3.0.8)
      temple (>= 0.7.6, < 0.9)
      tilt (>= 1.3.3, < 2.1)
    temple (0.8.0)
    tilt (2.0.7)

PLATFORMS
  ruby

DEPENDENCIES
  rake
  redcarpet
  slim
  tilt

BUNDLED WITH
   1.12.5
